GIT
  remote: git://github.com/big-org/toychain-data_structures.git
  revision: f8f0ab4f2d92bfd7b59c23772a92e349917803d4
  branch: node_cleanup
  specs:
    toychain-data_structures (0.0.1)

GEM
  remote: https://rubygems.org/
  specs:
    ansi (1.5.0)
    blankslate (3.1.3)
    builder (3.2.2)
    coderay (1.1.1)
    domain_name (0.5.20160826)
      unf (>= 0.0.5, < 1.0.0)
    http-cookie (1.0.3)
      domain_name (~> 0.5)
    jimson (0.11.0)
      blankslate (~> 3.1, >= 3.1.3)
      multi_json (~> 1, >= 1.11.2)
      rack (~> 1, >= 1.4.5)
      rest-client (~> 1, >= 1.7.3)
    json (2.0.2)
    method_source (0.8.2)
    mime-types (2.99.3)
    minitest (5.9.0)
    minitest-reporters (1.1.11)
      ansi
      builder
      minitest (>= 5.0)
      ruby-progressbar
    multi_json (1.12.1)
    netrc (0.11.0)
    pry (0.10.4)
      coderay (~> 1.1.0)
      method_source (~> 0.8.1)
      slop (~> 3.4)
    rack (1.6.4)
    rack-minitest (0.0.10)
      json
      minitest (~> 5.0)
      rack-test
    rack-test (0.6.3)
      rack (>= 1.0)
    rake (10.5.0)
    rest-client (1.8.0)
      http-cookie (>= 1.0.2, < 2.0)
      mime-types (>= 1.16, < 3.0)
      netrc (~> 0.7)
    ruby-progressbar (1.8.1)
    slop (3.6.0)
    unf (0.1.4)
      unf_ext
    unf_ext (0.0.7.2)

PLATFORMS
  ruby

DEPENDENCIES
  jimson
  minitest
  minitest-reporters
  pry
  rack-minitest
  rake
  toychain-data_structures!

BUNDLED WITH
   1.13.6
